GEM
  remote: https://rubygems.org/
  specs:
    addressable (2.6.0)
      public_suffix (>= 2.0.2, < 4.0)
    bcrypt (3.1.12)
    capybara (3.15.0)
      addressable
      mini_mime (>= 0.1.3)
      nokogiri (~> 1.8)
      rack (>= 1.6.0)
      rack-test (>= 0.6.3)
      regexp_parser (~> 1.2)
      xpath (~> 3.2)
    coveralls (0.8.22)
      json (>= 1.8, < 3)
      simplecov (~> 0.16.1)
      term-ansicolor (~> 1.3)
      thor (~> 0.19.4)
      tins (~> 1.6)
    data_mapper (0.9.2)
      dm-aggregates (>= 0.9.2)
      dm-cli (>= 0.9.2)
      dm-core (>= 0.9.2)
      dm-is-tree (>= 0.9.2)
      dm-migrations (>= 0.9.2)
      dm-observer (>= 0.9.2)
      dm-serializer (>= 0.9.2)
      dm-timestamps (>= 0.9.2)
      dm-types (>= 0.9.2)
      dm-validations (>= 0.9.2)
    data_objects (0.10.17)
      addressable (~> 2.1)
    database_cleaner (1.7.0)
    diff-lcs (1.3)
    dm-aggregates (1.2.0)
      dm-core (~> 1.2.0)
    dm-cli (1.2.0)
      dm-core (~> 1.2.0)
    dm-core (1.2.1)
      addressable (~> 2.3)
    dm-do-adapter (1.2.0)
      data_objects (~> 0.10.6)
      dm-core (~> 1.2.0)
    dm-is-tree (1.2.0)
      dm-core (~> 1.2.0)
    dm-migrations (1.2.0)
      dm-core (~> 1.2.0)
    dm-observer (1.2.0)
      dm-core (~> 1.2.0)
    dm-postgres-adapter (1.2.0)
      dm-do-adapter (~> 1.2.0)
      do_postgres (~> 0.10.6)
    dm-serializer (0.10.0)
    dm-timestamps (1.2.0)
      dm-core (~> 1.2.0)
    dm-types (0.10.0)
    dm-validations (1.2.0)
      dm-core (~> 1.2.0)
    do_postgres (0.10.17)
      data_objects (= 0.10.17)
    docile (1.3.1)
    extlib (0.9.16)
    highline (2.0.2)
    json (2.2.0)
    mini_mime (1.0.1)
    mini_portile2 (2.4.0)
    mustermann (1.0.3)
    nokogiri (1.10.2)
      mini_portile2 (~> 2.4.0)
    public_suffix (3.0.3)
    rack (2.0.7)
    rack-protection (2.0.5)
      rack
    rack-test (1.1.0)
      rack (>= 1.0, < 3)
    rake (12.3.2)
    regexp_parser (1.4.0)
    rspec (3.8.0)
      rspec-core (~> 3.8.0)
      rspec-expectations (~> 3.8.0)
      rspec-mocks (~> 3.8.0)
    rspec-core (3.8.0)
      rspec-support (~> 3.8.0)
    rspec-expectations (3.8.2)
      diff-lcs (>= 1.2.0, < 2.0)
      rspec-support (~> 3.8.0)
    rspec-mocks (3.8.0)
      diff-lcs (>= 1.2.0, < 2.0)
      rspec-support (~> 3.8.0)
    rspec-sinatra (0.1.2)
      templater (>= 1.0.0)
    rspec-support (3.8.0)
    simplecov (0.16.1)
      docile (~> 1.1)
      json (>= 1.8, < 3)
      simplecov-html (~> 0.10.0)
    simplecov-html (0.10.2)
    sinatra (2.0.5)
      mustermann (~> 1.0)
      rack (~> 2.0)
      rack-protection (= 2.0.5)
      tilt (~> 2.0)
    templater (1.0.0)
      diff-lcs (>= 1.1.2)
      extlib (>= 0.9.5)
      highline (>= 1.4.0)
    term-ansicolor (1.7.1)
      tins (~> 1.0)
    thor (0.19.4)
    tilt (2.0.9)
    tins (1.20.2)
    xpath (3.2.0)
      nokogiri (~> 1.8)

PLATFORMS
  ruby

DEPENDENCIES
  bcrypt
  capybara
  coveralls
  data_mapper
  database_cleaner
  dm-postgres-adapter
  json
  rake
  rspec
  rspec-sinatra
  sinatra

RUBY VERSION
   ruby 2.3.1p112

BUNDLED WITH
   1.16.2
